GIT
  remote: git://github.com/TrialGuides/ultracart_xml_parser.git
  revision: a50636ff3427e1cac77949af76f88b9d2858498a
  specs:
    ultracart_xml_parser (0.0.1)
      carmen (~> 1.0.2)
      nokogiri (~> 1.6.6)

GEM
  remote: https://rubygems.org/
  specs:
    activesupport (4.2.1)
      i18n (~> 0.7)
      json (~> 1.7, >= 1.7.7)
      minitest (~> 5.1)
      thread_safe (~> 0.3, >= 0.3.4)
      tzinfo (~> 1.1)
    addressable (2.3.6)
    byebug (4.0.3)
      columnize (= 0.9.0)
    carmen (1.0.2)
      activesupport (>= 3.0.0)
    columnize (0.9.0)
    crack (0.4.2)
      safe_yaml (~> 1.0.0)
    diff-lcs (1.2.5)
    dotenv (0.7.0)
    foreman (0.67.0)
      dotenv (~> 0.7.0)
      thor (~> 0.17.0)
    httparty (0.13.1)
      json (~> 1.8)
      multi_xml (>= 0.5.2)
    i18n (0.7.0)
    json (1.8.1)
    kgio (2.9.2)
    mini_portile (0.6.2)
    minitest (5.5.1)
    multi_xml (0.5.5)
    newrelic_rpm (3.8.0.218)
    nokogiri (1.6.6.2)
      mini_portile (~> 0.6.0)
    rack (1.5.2)
    rack-protection (1.5.3)
      rack
    rack-test (0.6.2)
      rack (>= 1.0)
    raindrops (0.13.0)
    rspec (2.14.1)
      rspec-core (~> 2.14.0)
      rspec-expectations (~> 2.14.0)
      rspec-mocks (~> 2.14.0)
    rspec-core (2.14.8)
    rspec-expectations (2.14.5)
      diff-lcs (>= 1.1.3, < 2.0)
    rspec-mocks (2.14.6)
    safe_yaml (1.0.3)
    sinatra (1.4.5)
      rack (~> 1.4)
      rack-protection (~> 1.4)
      tilt (~> 1.3, >= 1.3.4)
    thor (0.17.0)
    thread_safe (0.3.5)
    tilt (1.4.1)
    tzinfo (1.2.2)
      thread_safe (~> 0.1)
    unicorn (4.8.2)
      kgio (~> 2.6)
      rack
      raindrops (~> 0.7)
    webmock (1.17.4)
      addressable (>= 2.2.7)
      crack (>= 0.3.2)

PLATFORMS
  ruby

DEPENDENCIES
  byebug
  foreman
  httparty (~> 0.13.1)
  newrelic_rpm
  rack-test (~> 0.6.2)
  rspec (~> 2.14.1)
  rspec-mocks (~> 2.14.6)
  sinatra (~> 1.4.5)
  ultracart_xml_parser!
  unicorn
  webmock (~> 1.17.4)
